GIT
  remote: https://github.com/seamusabshere/data_miner.git
  revision: c349babb7b1bbf416fb5e34bc3424166ab27c924
  specs:
    data_miner (1.3.0)
      activerecord (>= 2.3.4)
      activesupport (>= 2.3.4)
      blockenspiel (>= 0.3.2)
      conversions (>= 1.4.4)
      errata (>= 1.0.1)
      escape (>= 0.0.4)
      remote_table (>= 1.2.2)

GIT
  remote: https://github.com/seamusabshere/mini_record.git
  revision: a890d7d1baf732ca3341ddd951f3ae60e7f72feb
  branch: alt_gem
  specs:
    mini_record-compat (0.3.0)
      activerecord (>= 3)

GEM
  remote: http://rubygems.org/
  specs:
    POpen4 (0.1.4)
      Platform (>= 0.4.0)
      open4
    Platform (0.4.0)
    abstract (1.0.0)
    actionmailer (3.0.10)
      actionpack (= 3.0.10)
      mail (~> 2.2.19)
    actionpack (3.0.10)
      activemodel (= 3.0.10)
      activesupport (= 3.0.10)
      builder (~> 2.1.2)
      erubis (~> 2.6.6)
      i18n (~> 0.5.0)
      rack (~> 1.2.1)
      rack-mount (~> 0.6.14)
      rack-test (~> 0.5.7)
      tzinfo (~> 0.3.23)
    activemodel (3.0.10)
      activesupport (= 3.0.10)
      builder (~> 2.1.2)
      i18n (~> 0.5.0)
    activerecord (3.0.10)
      activemodel (= 3.0.10)
      activesupport (= 3.0.10)
      arel (~> 2.0.10)
      tzinfo (~> 0.3.23)
    activeresource (3.0.10)
      activemodel (= 3.0.10)
      activesupport (= 3.0.10)
    activesupport (3.0.10)
    archive-tar-minitar (0.5.2)
    arel (2.0.10)
    blockenspiel (0.4.3)
    brighter_planet_api (0.0.1)
      activesupport (>= 3)
      cache_method
      hashie
      httpclient
      i18n
      multi_json
      thor
    builder (2.1.2)
    cache (0.2.6)
      activesupport (>= 2.3.11)
      i18n
    cache_method (0.1.6)
      cache (>= 0.2.1)
    choice (0.1.4)
    chunky_png (1.2.5)
    coffee-script (2.2.0)
      coffee-script-source
      execjs
    coffee-script-source (1.1.3)
    columnize (0.3.4)
    compass (0.11.5)
      chunky_png (~> 1.2)
      fssm (>= 0.2.7)
      sass (~> 3.1)
    compass-colors (0.9.0)
      compass (>= 0.8.7)
    conversions (1.4.5)
      activesupport (>= 2.3.4)
    dalli (1.1.3)
    ensure-encoding (0.1)
    errata (1.0.3)
      activesupport (>= 2.3.4)
      remote_table (>= 1.1.7)
      to_regexp (>= 0.0.2)
    erubis (2.6.6)
      abstract (>= 1.0.0)
    escape (0.0.4)
    execjs (1.2.9)
      multi_json (~> 1.0)
    fastercsv (1.5.4)
    fixed_width-multibyte (0.2.2)
      activesupport
    fssm (0.2.7)
    google-spreadsheet-ruby (0.1.5)
      nokogiri (>= 1.4.3.1)
      oauth (>= 0.3.6)
    guard (0.8.8)
      thor (~> 0.14.6)
    guard-coffeescript (0.5.2)
      coffee-script (>= 2.2.0)
      guard (>= 0.8.3)
    haml (3.1.3)
    hash_digest (1.0.0)
      activesupport
    hashie (1.2.0)
    httpclient (2.2.3)
    i18n (0.5.0)
    jammit (0.6.3)
      yui-compressor (>= 0.9.3)
    json (1.6.1)
    linecache19 (0.5.12)
      ruby_core_source (>= 0.1.4)
    log4r (1.1.9)
    mail (2.2.19)
      activesupport (>= 2.3.6)
      i18n (>= 0.4.0)
      mime-types (~> 1.16)
      treetop (~> 1.4.8)
    mime-types (1.17.2)
    multi_json (1.0.3)
    nokogiri (1.5.0)
    oauth (0.4.5)
    open4 (1.3.0)
    pg (0.11.0)
    polyglot (0.3.3)
    posix-spawn (0.3.6)
    rack (1.2.4)
    rack-mount (0.6.14)
      rack (>= 1.0.0)
    rack-test (0.5.7)
      rack (>= 1.0)
    rails (3.0.10)
      actionmailer (= 3.0.10)
      actionpack (= 3.0.10)
      activerecord (= 3.0.10)
      activeresource (= 3.0.10)
      activesupport (= 3.0.10)
      bundler (~> 1.0)
      railties (= 3.0.10)
    railties (3.0.10)
      actionpack (= 3.0.10)
      activesupport (= 3.0.10)
      rake (>= 0.8.7)
      rdoc (~> 3.4)
      thor (~> 0.14.4)
    rake (0.9.2.2)
    rdoc (3.11)
      json (~> 1.4)
    remote_table (1.2.3)
      activesupport (>= 2.3.4)
      builder
      ensure-encoding
      escape (>= 0.0.4)
      fastercsv (>= 1.5.0)
      fixed_width-multibyte
      google-spreadsheet-ruby
      i18n
      nokogiri (>= 1.4.1)
      posix-spawn
      roo (~> 1.9)
      spreadsheet
      zip
    roo (1.10.1)
      choice (>= 0.1.4)
      google-spreadsheet-ruby (>= 0.1.5)
      nokogiri (>= 1.5.0)
      rubyzip (>= 0.9.4)
      spreadsheet (> 0.6.4)
      todonotes (>= 0.1.0)
    ruby-debug-base19 (0.11.25)
      columnize (>= 0.3.1)
      linecache19 (>= 0.5.11)
      ruby_core_source (>= 0.1.4)
    ruby-debug19 (0.11.6)
      columnize (>= 0.3.1)
      linecache19 (>= 0.5.11)
      ruby-debug-base19 (>= 0.11.19)
    ruby-ole (1.2.11.2)
    ruby_core_source (0.1.5)
      archive-tar-minitar (>= 0.5.2)
    rubyzip (0.9.4)
    sass (3.1.10)
    spreadsheet (0.6.5.9)
      ruby-ole (>= 1.0)
    thor (0.14.6)
    to_regexp (0.0.3)
    todonotes (0.1.0)
      log4r
    treetop (1.4.10)
      polyglot
      polyglot (>= 0.3.1)
    tzinfo (0.3.31)
    yui-compressor (0.9.6)
      POpen4 (>= 0.1.4)
    zip (2.0.2)

PLATFORMS
  ruby

DEPENDENCIES
  brighter_planet_api (= 0.0.1)
  cache_method
  compass
  compass-colors
  dalli
  data_miner!
  guard-coffeescript
  haml
  hash_digest
  hashie
  httpclient
  jammit
  mini_record-compat!
  multi_json
  pg
  rails (= 3.0.10)
  ruby-debug19
